GEM
  remote: http://rubygems.org/
  specs:
    crack (0.1.8)
    hashie (1.0.0)
    httparty (0.7.8)
      crack (= 0.1.8)
    nokogiri (1.5.0)
    oauth (0.4.5)
    rack (1.3.0)
    rake (0.9.2)
    sinatra (1.2.6)
      rack (~> 1.1)
      tilt (< 2.0, >= 1.2.2)
    tilt (1.3.2)
    weibo (0.0.4)
      hashie
      httparty (>= 0.5.2)
      oauth (~> 0.4.1)

PLATFORMS
  ruby

DEPENDENCIES
  nokogiri
  rake
  sinatra
  weibo
